GEM
  remote: https://rubygems.org/
  specs:
    minitest (5.25.4)

PLATFORMS
  arm64-darwin-24
  ruby

DEPENDENCIES
  minitest

BUNDLED WITH
   2.6.2
